GEM
  remote: https://rubygems.org/
  specs:
    bigdecimal (3.2.2)
    google-protobuf (4.32.0)
      bigdecimal
      rake (>= 13)
    google-protobuf (4.32.0-aarch64-linux-gnu)
      bigdecimal
      rake (>= 13)
    google-protobuf (4.32.0-aarch64-linux-musl)
      bigdecimal
      rake (>= 13)
    google-protobuf (4.32.0-arm64-darwin)
      bigdecimal
      rake (>= 13)
    google-protobuf (4.32.0-x86-linux-gnu)
      bigdecimal
      rake (>= 13)
    google-protobuf (4.32.0-x86-linux-musl)
      bigdecimal
      rake (>= 13)
    google-protobuf (4.32.0-x86_64-darwin)
      bigdecimal
      rake (>= 13)
    google-protobuf (4.32.0-x86_64-linux-gnu)
      bigdecimal
      rake (>= 13)
    google-protobuf (4.32.0-x86_64-linux-musl)
      bigdecimal
      rake (>= 13)
    googleapis-common-protos-types (1.20.0)
      google-protobuf (>= 3.18, < 5.a)
    logger (1.7.0)
    minitest (5.25.5)
    opentelemetry-api (1.6.0)
    opentelemetry-common (0.22.0)
      opentelemetry-api (~> 1.0)
    opentelemetry-exporter-otlp (0.30.0)
      google-protobuf (>= 3.18)
      googleapis-common-protos-types (~> 1.3)
      opentelemetry-api (~> 1.1)
      opentelemetry-common (~> 0.20)
      opentelemetry-sdk (~> 1.2)
      opentelemetry-semantic_conventions
    opentelemetry-registry (0.4.0)
      opentelemetry-api (~> 1.1)
    opentelemetry-sdk (1.8.1)
      opentelemetry-api (~> 1.1)
      opentelemetry-common (~> 0.20)
      opentelemetry-registry (~> 0.2)
      opentelemetry-semantic_conventions
    opentelemetry-semantic_conventions (1.11.0)
      opentelemetry-api (~> 1.0)
    rake (13.3.0)
    temporalio (0.5.0)
      google-protobuf (>= 3.25.0)
      logger
    temporalio (0.5.0-aarch64-linux)
      google-protobuf (>= 3.25.0)
      logger
    temporalio (0.5.0-aarch64-linux-musl)
      google-protobuf (>= 3.25.0)
      logger
    temporalio (0.5.0-arm64-darwin)
      google-protobuf (>= 3.25.0)
      logger
    temporalio (0.5.0-x86_64-darwin)
      google-protobuf (>= 3.25.0)
      logger
    temporalio (0.5.0-x86_64-linux)
      google-protobuf (>= 3.25.0)
      logger
    temporalio (0.5.0-x86_64-linux-musl)
      google-protobuf (>= 3.25.0)
      logger

PLATFORMS
  aarch64-linux
  aarch64-linux-gnu
  aarch64-linux-musl
  arm64-darwin
  ruby
  x86-linux-gnu
  x86-linux-musl
  x86_64-darwin
  x86_64-linux
  x86_64-linux-gnu
  x86_64-linux-musl

DEPENDENCIES
  minitest
  opentelemetry-exporter-otlp
  opentelemetry-sdk
  temporalio

BUNDLED WITH
   2.6.9
