GEM
  remote: https://rubygems.org/
  specs:
    bigdecimal (3.2.2)
    google-protobuf (4.32.0)
      bigdecimal
      rake (>= 13)
    google-protobuf (4.32.0-aarch64-linux-gnu)
      bigdecimal
      rake (>= 13)
    google-protobuf (4.32.0-aarch64-linux-musl)
      bigdecimal
      rake (>= 13)
    google-protobuf (4.32.0-arm64-darwin)
      bigdecimal
      rake (>= 13)
    google-protobuf (4.32.0-x86-linux-gnu)
      bigdecimal
      rake (>= 13)
    google-protobuf (4.32.0-x86-linux-musl)
      bigdecimal
      rake (>= 13)
    google-protobuf (4.32.0-x86_64-darwin)
      bigdecimal
      rake (>= 13)
    google-protobuf (4.32.0-x86_64-linux-gnu)
      bigdecimal
      rake (>= 13)
    google-protobuf (4.32.0-x86_64-linux-musl)
      bigdecimal
      rake (>= 13)
    logger (1.7.0)
    minitest (5.25.5)
    rake (13.3.0)
    temporalio (0.5.0)
      google-protobuf (>= 3.25.0)
      logger
    temporalio (0.5.0-aarch64-linux)
      google-protobuf (>= 3.25.0)
      logger
    temporalio (0.5.0-aarch64-linux-musl)
      google-protobuf (>= 3.25.0)
      logger
    temporalio (0.5.0-arm64-darwin)
      google-protobuf (>= 3.25.0)
      logger
    temporalio (0.5.0-x86_64-darwin)
      google-protobuf (>= 3.25.0)
      logger
    temporalio (0.5.0-x86_64-linux)
      google-protobuf (>= 3.25.0)
      logger
    temporalio (0.5.0-x86_64-linux-musl)
      google-protobuf (>= 3.25.0)
      logger

PLATFORMS
  aarch64-linux
  aarch64-linux-gnu
  aarch64-linux-musl
  arm64-darwin
  ruby
  x86-linux-gnu
  x86-linux-musl
  x86_64-darwin
  x86_64-linux
  x86_64-linux-gnu
  x86_64-linux-musl

DEPENDENCIES
  minitest
  temporalio

BUNDLED WITH
   2.6.9
